PATH
  remote: .
  specs:
    bravo_guard (0.0.2)

GEM
  remote: http://rubygems.org/
  specs:

PLATFORMS
  ruby

DEPENDENCIES
  bravo_guard!
